GEM
  remote: http://rubygems.org/
  specs:
    backports (2.3.0)
    builder (3.0.0)
    eventmachine (0.12.10)
    haml (3.1.4)
    liquid (2.3.0)
    markaby (0.7.2)
      builder (>= 2.0.0)
    rack (1.4.1)
    rack-protection (1.2.0)
      rack
    rack-test (0.6.1)
      rack (>= 1.0)
    sinatra (1.3.2)
      rack (~> 1.3, >= 1.3.6)
      rack-protection (~> 1.2)
      tilt (~> 1.3, >= 1.3.3)
    sinatra-contrib (1.3.1)
      backports (>= 2.0)
      eventmachine
      rack-protection
      rack-test
      sinatra (~> 1.3.0)
      tilt (~> 1.3)
    sinatra-reloader (1.0)
      sinatra-contrib
    slim (1.1.0)
      temple (~> 0.3.5)
      tilt (~> 1.3.2)
    temple (0.3.5)
    tilt (1.3.3)

PLATFORMS
  ruby

DEPENDENCIES
  haml
  liquid
  markaby
  sinatra
  sinatra-reloader
  slim
